GEM
  remote: https://rubygems.org/
  specs:
    json (2.7.1)
    minitest (5.22.2)

PLATFORMS
  ruby
  x86_64-linux

DEPENDENCIES
  json
  minitest

BUNDLED WITH
   2.5.3
